PATH
  remote: .
  specs:
    entitlements-gitrepo-auditor-plugin (0.1.1)
      entitlements (= 0.1.8)

GEM
  remote: https://rubygems.org/
  specs:
    activesupport (7.0.3)
      concurrent-ruby (~> 1.0, >= 1.0.2)
      i18n (>= 1.6, < 2)
      minitest (>= 5.1)
      tzinfo (~> 2.0)
    addressable (2.8.0)
      public_suffix (>= 2.0.2, < 5.0)
    ast (2.4.2)
    concurrent-ruby (1.1.9)
    contracts (0.16.0)
    contracts-rspec (0.1.0)
    crack (0.4.5)
      rexml
    diff-lcs (1.5.0)
    docile (1.4.0)
    entitlements (0.1.8)
      concurrent-ruby (= 1.1.9)
      contracts (= 0.16.0)
      net-ldap (~> 0.17.0)
      optimist (= 3.0.0)
    hashdiff (1.0.1)
    i18n (1.10.0)
      concurrent-ruby (~> 1.0)
    json (2.6.2)
    minitest (5.15.0)
    net-ldap (0.17.1)
    optimist (3.0.0)
    parallel (1.22.1)
    parser (3.1.2.0)
      ast (~> 2.4.1)
    public_suffix (4.0.7)
    rack (2.2.3.1)
    rainbow (3.1.1)
    rake (13.0.6)
    regexp_parser (2.5.0)
    rexml (3.2.5)
    rspec (3.8.0)
      rspec-core (~> 3.8.0)
      rspec-expectations (~> 3.8.0)
      rspec-mocks (~> 3.8.0)
    rspec-core (3.8.0)
      rspec-support (~> 3.8.0)
    rspec-expectations (3.8.6)
      diff-lcs (>= 1.2.0, < 2.0)
      rspec-support (~> 3.8.0)
    rspec-mocks (3.8.2)
      diff-lcs (>= 1.2.0, < 2.0)
      rspec-support (~> 3.8.0)
    rspec-support (3.8.3)
    rubocop (1.29.1)
      parallel (~> 1.10)
      parser (>= 3.1.0.0)
      rainbow (>= 2.2.2, < 4.0)
      regexp_parser (>= 1.8, < 3.0)
      rexml (>= 3.2.5, < 4.0)
      rubocop-ast (>= 1.17.0, < 2.0)
      ruby-progressbar (~> 1.7)
      unicode-display_width (>= 1.4.0, < 3.0)
    rubocop-ast (1.18.0)
      parser (>= 3.1.1.0)
    rubocop-github (0.17.0)
      rubocop
      rubocop-performance
      rubocop-rails
    rubocop-performance (1.13.3)
      rubocop (>= 1.7.0, < 2.0)
      rubocop-ast (>= 0.4.0)
    rubocop-rails (2.14.2)
      activesupport (>= 4.2.0)
      rack (>= 1.1)
      rubocop (>= 1.7.0, < 2.0)
    ruby-progressbar (1.11.0)
    rugged (0.27.5)
    simplecov (0.16.1)
      docile (~> 1.1)
      json (>= 1.8, < 3)
      simplecov-html (~> 0.10.0)
    simplecov-erb (0.1.1)
      simplecov
    simplecov-html (0.10.2)
    tzinfo (2.0.4)
      concurrent-ruby (~> 1.0)
    unicode-display_width (2.1.0)
    vcr (4.0.0)
    webmock (3.4.2)
      addressable (>= 2.3.6)
      crack (>= 0.3.2)
      hashdiff

PLATFORMS
  ruby
  x86_64-darwin-19

DEPENDENCIES
  contracts-rspec (= 0.1.0)
  entitlements-gitrepo-auditor-plugin!
  rake (= 13.0.6)
  rspec (= 3.8.0)
  rspec-core (= 3.8.0)
  rubocop (= 1.29.1)
  rubocop-github (= 0.17.0)
  rubocop-performance (= 1.13.3)
  rugged (= 0.27.5)
  simplecov (= 0.16.1)
  simplecov-erb (= 0.1.1)
  vcr (= 4.0.0)
  webmock (= 3.4.2)

BUNDLED WITH
   2.3.9
