PATH
  remote: .
  specs:
    entitlements-gitrepo-auditor-plugin (0.4.1)
      contracts (~> 0.17)
      entitlements-app (~> 0.3)

GEM
  remote: https://rubygems.org/
  specs:
    activesupport (7.1.3.2)
      base64
      bigdecimal
      concurrent-ruby (~> 1.0, >= 1.0.2)
      connection_pool (>= 2.2.5)
      drb
      i18n (>= 1.6, < 2)
      minitest (>= 5.1)
      mutex_m
      tzinfo (~> 2.0)
    addressable (2.8.5)
      public_suffix (>= 2.0.2, < 6.0)
    ast (2.4.2)
    base64 (0.1.1)
    bigdecimal (3.1.7)
    concurrent-ruby (1.1.9)
    connection_pool (2.4.1)
    contracts (0.17)
    crack (0.4.5)
      rexml
    diff-lcs (1.5.0)
    docile (1.4.0)
    drb (2.2.1)
    entitlements-app (0.3.1)
      concurrent-ruby (= 1.1.9)
      faraday (~> 2.0)
      net-ldap (~> 0.17)
      octokit (~> 4.18)
      optimist (= 3.0.0)
    faraday (2.9.0)
      faraday-net_http (>= 2.0, < 3.2)
    faraday-net_http (3.1.0)
      net-http
    hashdiff (1.0.1)
    i18n (1.14.4)
      concurrent-ruby (~> 1.0)
    json (2.6.3)
    language_server-protocol (3.17.0.3)
    minitest (5.22.3)
    mutex_m (0.2.0)
    net-http (0.4.1)
      uri
    net-ldap (0.19.0)
    octokit (4.25.1)
      faraday (>= 1, < 3)
      sawyer (~> 0.9)
    optimist (3.0.0)
    parallel (1.24.0)
    parser (3.3.0.5)
      ast (~> 2.4.1)
      racc
    public_suffix (5.0.3)
    racc (1.7.3)
    rack (3.0.10)
    rainbow (3.1.1)
    rake (13.0.6)
    regexp_parser (2.9.0)
    rexml (3.2.6)
    rspec (3.8.0)
      rspec-core (~> 3.8.0)
      rspec-expectations (~> 3.8.0)
      rspec-mocks (~> 3.8.0)
    rspec-core (3.8.0)
      rspec-support (~> 3.8.0)
    rspec-expectations (3.8.6)
      diff-lcs (>= 1.2.0, < 2.0)
      rspec-support (~> 3.8.0)
    rspec-mocks (3.8.2)
      diff-lcs (>= 1.2.0, < 2.0)
      rspec-support (~> 3.8.0)
    rspec-support (3.8.3)
    rubocop (1.62.1)
      json (~> 2.3)
      language_server-protocol (>= 3.17.0)
      parallel (~> 1.10)
      parser (>= 3.3.0.2)
      rainbow (>= 2.2.2, < 4.0)
      regexp_parser (>= 1.8, < 3.0)
      rexml (>= 3.2.5, < 4.0)
      rubocop-ast (>= 1.31.1, < 2.0)
      ruby-progressbar (~> 1.7)
      unicode-display_width (>= 2.4.0, < 3.0)
    rubocop-ast (1.31.2)
      parser (>= 3.3.0.4)
    rubocop-github (0.20.0)
      rubocop (>= 1.37)
      rubocop-performance (>= 1.15)
      rubocop-rails (>= 2.17)
    rubocop-performance (1.20.2)
      rubocop (>= 1.48.1, < 2.0)
      rubocop-ast (>= 1.30.0, < 2.0)
    rubocop-rails (2.24.1)
      activesupport (>= 4.2.0)
      rack (>= 1.1)
      rubocop (>= 1.33.0, < 2.0)
      rubocop-ast (>= 1.31.1, < 2.0)
    ruby-progressbar (1.13.0)
    rugged (1.7.2)
    sawyer (0.9.2)
      addressable (>= 2.3.5)
      faraday (>= 0.17.3, < 3)
    simplecov (0.16.1)
      docile (~> 1.1)
      json (>= 1.8, < 3)
      simplecov-html (~> 0.10.0)
    simplecov-erb (1.0.1)
      simplecov (< 1.0)
    simplecov-html (0.10.2)
    tzinfo (2.0.6)
      concurrent-ruby (~> 1.0)
    unicode-display_width (2.5.0)
    uri (0.13.0)
    vcr (4.0.0)
    webmock (3.4.2)
      addressable (>= 2.3.6)
      crack (>= 0.3.2)
      hashdiff

PLATFORMS
  ruby

DEPENDENCIES
  entitlements-gitrepo-auditor-plugin!
  rake (= 13.0.6)
  rspec (= 3.8.0)
  rspec-core (= 3.8.0)
  rubocop (= 1.62.1)
  rubocop-github (= 0.20.0)
  rubocop-performance (= 1.20.2)
  rugged (~> 1.7, >= 1.7.2)
  simplecov (= 0.16.1)
  simplecov-erb (= 1.0.1)
  vcr (= 4.0.0)
  webmock (= 3.4.2)

BUNDLED WITH
   2.3.19
